GEM
  remote: https://rubygems.org/
  specs:
    haml (5.0.4)
      temple (>= 0.8.0)
      tilt
    rack (2.0.6)
    rk-codebreaker (0.1.0)
    temple (0.8.0)
    tilt (2.0.8)

PLATFORMS
  ruby

DEPENDENCIES
  haml (~> 5.0, >= 5.0.4)
  rack
  rk-codebreaker (~> 0.1.0)

BUNDLED WITH
   1.16.2
