GEM
  remote: https://rubygems.org/
  specs:
    rack (2.0.6)
    rk-codebreaker (0.1.0)

PLATFORMS
  ruby

DEPENDENCIES
  rack
  rk-codebreaker (~> 0.1.0)

BUNDLED WITH
   1.16.2
